

GROUP Build
REDIRECTS: ON
RESTRICTION: >= portable-net45+win8+wp8+wpa81
NUGET
  remote: https://www.nuget.org/api/v2
    FAKE (4.63)
    FSharp.Compiler.Service (2.0.0.6)
    FSharp.Core (4.0.0.1)
    FSharp.Formatting (2.14.4)
      FSharp.Compiler.Service (2.0.0.6)
      FSharpVSPowerTools.Core (>= 2.3 < 2.4)
    FSharpVSPowerTools.Core (2.3)
      FSharp.Compiler.Service (>= 2.0.0.3)
    FsXaml.Wpf (3.1.6)
    Microsoft.NETCore.Platforms (2.0) - restriction: || (== net45) (== net461)
    NETStandard.Library (2.0) - restriction: || (== net45) (== net461)
      Microsoft.NETCore.Platforms (>= 1.1) - restriction: || (== net45) (== net461)
      System.Runtime.InteropServices.RuntimeInformation (>= 4.3) - restriction: == net45
    Octokit (0.25)
      NETStandard.Library (>= 1.6.1)
    SourceLink.Fake (1.1)
    System.Runtime.InteropServices.RuntimeInformation (4.3) - restriction: == net45
    WPtoolkit (4.2013.8.16)
    Xamarin.Android.Support.Animated.Vector.Drawable (23.3)
      Xamarin.Android.Support.v4 (23.3)
      Xamarin.Android.Support.Vector.Drawable (23.3)
    Xamarin.Android.Support.Design (23.3)
      Xamarin.Android.Support.v4 (23.3)
      Xamarin.Android.Support.v7.AppCompat (23.3)
      Xamarin.Android.Support.v7.RecyclerView (23.3)
    Xamarin.Android.Support.v4 (23.3)
    Xamarin.Android.Support.v7.AppCompat (23.3)
      Xamarin.Android.Support.Animated.Vector.Drawable (23.3)
      Xamarin.Android.Support.v4 (23.3)
      Xamarin.Android.Support.Vector.Drawable (23.3)
    Xamarin.Android.Support.v7.CardView (23.3)
    Xamarin.Android.Support.v7.MediaRouter (23.3)
      Xamarin.Android.Support.v4 (23.3)
      Xamarin.Android.Support.v7.AppCompat (23.3)
    Xamarin.Android.Support.v7.RecyclerView (23.3)
      Xamarin.Android.Support.v4 (23.3)
    Xamarin.Android.Support.Vector.Drawable (23.3)
      Xamarin.Android.Support.v4 (23.3)
    Xamarin.Forms (2.3.4.267)
      WPtoolkit (>= 4.2013.8.16)
      Xamarin.Android.Support.Design (>= 23.3)
      Xamarin.Android.Support.Design (23.3)
      Xamarin.Android.Support.v4 (>= 23.3)
      Xamarin.Android.Support.v4 (23.3)
      Xamarin.Android.Support.v7.AppCompat (>= 23.3)
      Xamarin.Android.Support.v7.AppCompat (23.3)
      Xamarin.Android.Support.v7.CardView (>= 23.3)
      Xamarin.Android.Support.v7.CardView (23.3)
      Xamarin.Android.Support.v7.MediaRouter (>= 23.3)
      Xamarin.Android.Support.v7.MediaRouter (23.3)
GITHUB
  remote: fsharp/FAKE
    modules/Octokit/Octokit.fsx (291f58cc70aba6dd871cf18e66d2d88357e4f208)
      Octokit (>= 0.20)
GROUP Test
REDIRECTS: ON
RESTRICTION: >= portable-net45+win8+wp8+wpa81
NUGET
  remote: https://www.nuget.org/api/v2
    FSharp.Core (4.0.0.1)
    NUnit (2.6.4)
    NUnit.Runners (2.6.4)
