

GROUP Build
REDIRECTS: ON
FRAMEWORK: NET461, NET45, PORTABLE-NET45+NETCORE45+WPA81+WP8+MONOANDROID1+MONOTOUCH1
NUGET
  remote: https://www.nuget.org/api/v2
    FAKE (4.63) - framework: net45, net461, portable-net45+netcore45+wpa81+wp8+monoandroid1+monotouch1
    FSharp.Compiler.Service (2.0.0.6) - framework: net45, net461, portable-net45+netcore45+wpa81+wp8+monoandroid1+monotouch1
    FSharp.Core (4.0.0.1) - framework: net45, net461, portable-net45+netcore45+wpa81+wp8+monoandroid1+monotouch1
    FSharp.Formatting (2.14.4) - framework: net45, net461, portable-net45+netcore45+wpa81+wp8+monoandroid1+monotouch1
      FSharp.Compiler.Service (2.0.0.6) - framework: net45, net461, portable-net45+netcore45+wpa81+wp8+monoandroid1+monotouch1
      FSharpVSPowerTools.Core (>= 2.3 < 2.4) - framework: net45, net461, portable-net45+netcore45+wpa81+wp8+monoandroid1+monotouch1
    FSharpVSPowerTools.Core (2.3) - framework: net45, net461, portable-net45+netcore45+wpa81+wp8+monoandroid1+monotouch1
      FSharp.Compiler.Service (>= 2.0.0.3) - framework: net45, net461, portable-net45+netcore45+wpa81+wp8+monoandroid1+monotouch1
    FsXaml.Wpf (3.1.6) - framework: net45, net461, portable-net45+netcore45+wpa81+wp8+monoandroid1+monotouch1
    Microsoft.NETCore.Platforms (2.0) - framework: net45, net461
    NETStandard.Library (2.0) - framework: net45, net461
      Microsoft.NETCore.Platforms (>= 1.1) - framework: net45, net461
      System.Runtime.InteropServices.RuntimeInformation (>= 4.3) - framework: net45
    Octokit (0.25) - framework: net45, net461, portable-net45+netcore45+wpa81+wp8+monoandroid1+monotouch1
      NETStandard.Library (>= 1.6.1)
    SourceLink.Fake (1.1) - framework: net45, net461, portable-net45+netcore45+wpa81+wp8+monoandroid1+monotouch1
    System.Runtime.InteropServices.RuntimeInformation (4.3) - framework: net45
    WPtoolkit (4.2013.8.16) - framework: net45, net461, portable-net45+netcore45+wpa81+wp8+monoandroid1+monotouch1
    Xamarin.Android.Support.Animated.Vector.Drawable (23.3) - framework: net45, net461, portable-net45+netcore45+wpa81+wp8+monoandroid1+monotouch1
      Xamarin.Android.Support.v4 (23.3) - framework: net45, net461, portable-net45+netcore45+wpa81+wp8+monoandroid1+monotouch1
      Xamarin.Android.Support.Vector.Drawable (23.3) - framework: net45, net461, portable-net45+netcore45+wpa81+wp8+monoandroid1+monotouch1
    Xamarin.Android.Support.Design (23.3) - framework: net45, net461, portable-net45+netcore45+wpa81+wp8+monoandroid1+monotouch1
      Xamarin.Android.Support.v4 (23.3) - framework: net45, net461, portable-net45+netcore45+wpa81+wp8+monoandroid1+monotouch1
      Xamarin.Android.Support.v7.AppCompat (23.3) - framework: net45, net461, portable-net45+netcore45+wpa81+wp8+monoandroid1+monotouch1
      Xamarin.Android.Support.v7.RecyclerView (23.3) - framework: net45, net461, portable-net45+netcore45+wpa81+wp8+monoandroid1+monotouch1
    Xamarin.Android.Support.v4 (23.3) - framework: net45, net461, portable-net45+netcore45+wpa81+wp8+monoandroid1+monotouch1
    Xamarin.Android.Support.v7.AppCompat (23.3) - framework: net45, net461, portable-net45+netcore45+wpa81+wp8+monoandroid1+monotouch1
      Xamarin.Android.Support.Animated.Vector.Drawable (23.3) - framework: net45, net461, portable-net45+netcore45+wpa81+wp8+monoandroid1+monotouch1
      Xamarin.Android.Support.v4 (23.3) - framework: net45, net461, portable-net45+netcore45+wpa81+wp8+monoandroid1+monotouch1
      Xamarin.Android.Support.Vector.Drawable (23.3) - framework: net45, net461, portable-net45+netcore45+wpa81+wp8+monoandroid1+monotouch1
    Xamarin.Android.Support.v7.CardView (23.3) - framework: net45, net461, portable-net45+netcore45+wpa81+wp8+monoandroid1+monotouch1
    Xamarin.Android.Support.v7.MediaRouter (23.3) - framework: net45, net461, portable-net45+netcore45+wpa81+wp8+monoandroid1+monotouch1
      Xamarin.Android.Support.v4 (23.3) - framework: net45, net461, portable-net45+netcore45+wpa81+wp8+monoandroid1+monotouch1
      Xamarin.Android.Support.v7.AppCompat (23.3) - framework: net45, net461, portable-net45+netcore45+wpa81+wp8+monoandroid1+monotouch1
    Xamarin.Android.Support.v7.RecyclerView (23.3) - framework: net45, net461, portable-net45+netcore45+wpa81+wp8+monoandroid1+monotouch1
      Xamarin.Android.Support.v4 (23.3) - framework: net45, net461, portable-net45+netcore45+wpa81+wp8+monoandroid1+monotouch1
    Xamarin.Android.Support.Vector.Drawable (23.3) - framework: net45, net461, portable-net45+netcore45+wpa81+wp8+monoandroid1+monotouch1
      Xamarin.Android.Support.v4 (23.3) - framework: net45, net461, portable-net45+netcore45+wpa81+wp8+monoandroid1+monotouch1
    Xamarin.Forms (2.3.4.267) - framework: net45, net461, portable-net45+netcore45+wpa81+wp8+monoandroid1+monotouch1
      WPtoolkit (>= 4.2013.8.16)
      Xamarin.Android.Support.Design (>= 23.3)
      Xamarin.Android.Support.Design (23.3)
      Xamarin.Android.Support.v4 (>= 23.3)
      Xamarin.Android.Support.v4 (23.3)
      Xamarin.Android.Support.v7.AppCompat (>= 23.3)
      Xamarin.Android.Support.v7.AppCompat (23.3)
      Xamarin.Android.Support.v7.CardView (>= 23.3)
      Xamarin.Android.Support.v7.CardView (23.3)
      Xamarin.Android.Support.v7.MediaRouter (>= 23.3)
      Xamarin.Android.Support.v7.MediaRouter (23.3)
GITHUB
  remote: fsharp/FAKE
    modules/Octokit/Octokit.fsx (291f58cc70aba6dd871cf18e66d2d88357e4f208)
      Octokit (>= 0.20)
GROUP Test
NUGET
  remote: https://www.nuget.org/api/v2
    NUnit (2.6.4)
    NUnit.Runners (2.6.4)
